PATH
  remote: .
  specs:
    rspec-instafail (1.0.0)
      rspec

GEM
  remote: https://rubygems.org/
  specs:
    bump (0.5.1)
    diff-lcs (1.2.5)
    rake (10.4.2)
    rspec (3.5.0)
      rspec-core (~> 3.5.0)
      rspec-expectations (~> 3.5.0)
      rspec-mocks (~> 3.5.0)
    rspec-core (3.5.2)
      rspec-support (~> 3.5.0)
    rspec-expectations (3.5.0)
      diff-lcs (>= 1.2.0, < 2.0)
      rspec-support (~> 3.5.0)
    rspec-mocks (3.5.0)
      diff-lcs (>= 1.2.0, < 2.0)
      rspec-support (~> 3.5.0)
    rspec-support (3.5.0)

PLATFORMS
  ruby

DEPENDENCIES
  bump
  rake
  rspec-instafail!

BUNDLED WITH
   1.12.5
